GEM
  remote: https://rubygems.org/
  specs:
    eventmachine (1.0.8)
    faraday (0.9.2)
      multipart-post (>= 1.2, < 3)
    faraday_middleware (0.10.0)
      faraday (>= 0.7.4, < 0.10)
    faye-websocket (0.10.0)
      eventmachine (>= 0.12.0)
      websocket-driver (>= 0.5.1)
    multipart-post (2.0.0)
    puma (2.14.0)
    rack (1.6.4)
    redis (3.2.1)
    roda (2.7.0)
      rack
    shotgun (0.9.1)
      rack (>= 1.0)
    slack-ruby-client (0.3.1)
      eventmachine
      faraday
      faraday_middleware
      faye-websocket
    tilt (2.0.1)
    time-lord (1.0.1)
    websocket-driver (0.6.2)
      websocket-extensions (>= 0.1.0)
    websocket-extensions (0.1.2)

PLATFORMS
  ruby

DEPENDENCIES
  puma
  redis
  roda
  shotgun
  slack-ruby-client
  tilt
  time-lord

BUNDLED WITH
   1.10.6
