GIT
  remote: https://github.com/jeremyevans/roda.git
  revision: d7ec82f768df15c42b19d1dae1ba110d6271afb3
  specs:
    roda (2.7.0)
      rack

GEM
  remote: https://rubygems.org/
  specs:
    addressable (2.3.8)
    domain_name (0.5.25)
      unf (>= 0.0.5, < 1.0.0)
    eventmachine (1.0.8)
    faraday (0.9.2)
      multipart-post (>= 1.2, < 3)
    faraday_middleware (0.10.0)
      faraday (>= 0.7.4, < 0.10)
    faye-websocket (0.10.0)
      eventmachine (>= 0.12.0)
      websocket-driver (>= 0.5.1)
    haml (4.0.7)
      tilt
    http (0.9.8)
      addressable (~> 2.3)
      http-cookie (~> 1.0)
      http-form_data (~> 1.0.1)
      http_parser.rb (~> 0.6.0)
    http-cookie (1.0.2)
      domain_name (~> 0.5)
    http-form_data (1.0.1)
    http_parser.rb (0.6.0)
    multipart-post (2.0.0)
    puma (2.14.0)
    rack (1.6.4)
    redis (3.2.1)
    shotgun (0.9.1)
      rack (>= 1.0)
    slack-ruby-client (0.3.1)
      eventmachine
      faraday
      faraday_middleware
      faye-websocket
    tilt (2.0.1)
    time-lord (1.0.1)
    unf (0.1.4)
      unf_ext
    unf_ext (0.0.7.1)
    websocket-driver (0.6.2)
      websocket-extensions (>= 0.1.0)
    websocket-extensions (0.1.2)

PLATFORMS
  ruby

DEPENDENCIES
  haml
  http
  puma
  redis
  roda!
  shotgun
  slack-ruby-client
  tilt
  time-lord

BUNDLED WITH
   1.10.6
