GEM
  remote: https://rubygems.org/
  specs:
    puma (2.14.0)
    rack (1.6.4)
    redis (3.2.1)
    roda (2.7.0)
      rack
    shotgun (0.9.1)
      rack (>= 1.0)
    tilt (2.0.1)

PLATFORMS
  ruby

DEPENDENCIES
  puma
  redis
  roda
  shotgun
  tilt

BUNDLED WITH
   1.10.6
